PATH
  remote: .
  specs:
    packer-yaml (0.1.1)
      thor (= 0.19.1)

GEM
  remote: https://rubygems.org/
  specs:
    minitest (5.4.3)
    rake (10.4.2)
    thor (0.19.1)

PLATFORMS
  ruby

DEPENDENCIES
  bundler (~> 1.12)
  minitest (~> 5.0)
  packer-yaml!
  rake (~> 10.0)

BUNDLED WITH
   1.12.3
